GEM
  remote: https://rubygems.org/
  specs:
    hashie (2.0.5)
    httplog (0.2.4)
    net-ldap (0.3.1)
    omniauth (1.2.1)
      hashie (>= 1.2, < 3)
      rack (~> 1.0)
    omniauth-ldap (1.0.4)
      net-ldap (~> 0.3.1)
      omniauth (~> 1.0)
      pyu-ruby-sasl (~> 0.0.3.1)
      rubyntlm (~> 0.1.1)
    pyu-ruby-sasl (0.0.3.3)
    rack (1.5.2)
    rack-protection (1.5.2)
      rack
    rubyntlm (0.1.1)
    sinatra (1.4.4)
      rack (~> 1.4)
      rack-protection (~> 1.4)
      tilt (~> 1.3, >= 1.3.4)
    tilt (1.4.1)
    warden (1.2.3)
      rack (>= 1.0)

PLATFORMS
  ruby

DEPENDENCIES
  httplog
  omniauth
  omniauth-ldap
  sinatra
  warden
